GIT
  remote: git@github.com:breyten/themoviedb.git
  revision: 1c2e8fdc97fd94d88459662b21e6caa9338694ea
  specs:
    themoviedb (0.0.11)
      httparty

GEM
  remote: https://rubygems.org/
  specs:
    httparty (0.12.0)
      json (~> 1.8)
      multi_xml (>= 0.5.2)
    inifile (2.0.2)
    json (1.8.1)
    kgio (2.8.1)
    multi_xml (0.5.5)
    mysql2 (0.3.14)
    rack (1.5.2)
    rack-protection (1.5.1)
      rack
    raindrops (0.12.0)
    redis (3.0.6)
    shotgun (0.9)
      rack (>= 1.0)
    sinatra (1.4.4)
      rack (~> 1.4)
      rack-protection (~> 1.4)
      tilt (~> 1.3, >= 1.3.4)
    tilt (1.4.1)
    unicorn (4.7.0)
      kgio (~> 2.6)
      rack
      raindrops (~> 0.7)

PLATFORMS
  ruby

DEPENDENCIES
  httparty
  inifile
  mysql2
  rack
  redis
  shotgun
  sinatra
  themoviedb!
  unicorn
